GIT
  remote: git://github.com/ifad/ruote-postgres.git
  revision: 7b34858e46bd57f53e7f325904a4acd91ec332b8
  specs:
    ruote-postgres (0.0.1)
      json
      pg
      rake
      ruote
      yajl-ruby

GIT
  remote: git://github.com/jmettraux/ruote.git
  revision: fd1060f4e0506ed6ad6770ad35add3607267728c
  specs:
    ruote (2.3.1)
      blankslate (= 2.1.2.4)
      parslet (= 1.4.0)
      ruby_parser (~> 2.3)
      rufus-cloche (>= 1.0.2)
      rufus-dollar (>= 1.0.4)
      rufus-json (>= 1.0.5)
      rufus-mnemo (>= 1.2.2)
      rufus-scheduler (>= 3.0.0)
      rufus-treechecker (>= 1.0.8)
      sourcify (= 0.5.0)

GIT
  remote: git://github.com/kennethkalmer/ruote-kit.git
  revision: ed3277022235b3a7f0b74921b6bab2291cc121fd
  specs:
    ruote-kit (2.3.0.2)
      haml (>= 3.1.4)
      rufus-json (>= 0.2.5)
      sinatra (>= 1.2.0)
      sinatra-respond_to (>= 0.8.0)

GEM
  remote: https://rubygems.org/
  specs:
    blankslate (2.1.2.4)
    dotenv (2.0.2)
    file-tail (1.1.0)
      tins (~> 1.0)
    haml (4.0.7)
      tilt
    json (1.8.3)
    kgio (2.10.0)
    parslet (1.4.0)
      blankslate (~> 2.0)
    pg (0.18.3)
    rack (1.6.4)
    rack-protection (1.5.3)
      rack
    raindrops (0.15.0)
    rake (10.4.2)
    ruby2ruby (1.3.1)
      ruby_parser (~> 2.0)
      sexp_processor (~> 3.0)
    ruby_parser (2.3.1)
      sexp_processor (~> 3.0)
    rufus-cloche (1.0.4)
      rufus-json (>= 1.0.3)
    rufus-dollar (1.0.4)
    rufus-json (1.0.6)
    rufus-mnemo (1.2.3)
    rufus-scheduler (3.1.5)
    rufus-treechecker (1.0.8)
      ruby_parser (>= 2.0.5)
    sexp_processor (3.2.0)
    sinatra (1.4.6)
      rack (~> 1.4)
      rack-protection (~> 1.4)
      tilt (>= 1.3, < 3)
    sinatra-respond_to (0.9.0)
      sinatra (~> 1.3)
    sourcify (0.5.0)
      file-tail (>= 1.0.5)
      ruby2ruby (>= 1.2.5)
      ruby_parser (>= 2.0.5)
      sexp_processor (>= 3.0.5)
    tilt (2.0.1)
    tins (1.6.0)
    unicorn (4.9.0)
      kgio (~> 2.6)
      rack
      raindrops (~> 0.7)
    yajl-ruby (1.2.1)

PLATFORMS
  ruby

DEPENDENCIES
  dotenv
  ruote!
  ruote-kit!
  ruote-postgres!
  unicorn
  yajl-ruby

BUNDLED WITH
   1.10.6
